GEM
  remote: https://rubygems.org/
  specs:
    addressable (2.3.8)
    buftok (0.2.0)
    celluloid (0.16.0)
      timers (~> 4.0.0)
    daemons (1.2.2)
    dotenv (2.0.1)
    equalizer (0.0.11)
    eventmachine (1.0.7)
    faraday (0.9.1)
      multipart-post (>= 1.2, < 3)
    ffi (1.9.8)
    ffi (1.9.8-x64-mingw32)
    foreman (0.78.0)
      thor (~> 0.19.1)
    haml (4.0.5)
      tilt
    hitimes (1.2.2)
    hitimes (1.2.2-x86-mingw32)
    http (0.6.4)
      http_parser.rb (~> 0.6.0)
    http_parser.rb (0.6.0)
    json (1.8.0)
    listen (2.10.0)
      celluloid (~> 0.16.0)
      rb-fsevent (>= 0.9.3)
      rb-inotify (>= 0.9)
    memoizable (0.4.2)
      thread_safe (~> 0.3, >= 0.3.1)
    multipart-post (2.0.0)
    naught (1.0.0)
    rack (1.5.2)
    rack-protection (1.5.0)
      rack
    rake (10.4.2)
    rb-fsevent (0.9.4)
    rb-inotify (0.9.5)
      ffi (>= 0.5.0)
    rerun (0.10.0)
      listen (~> 2.7, >= 2.7.3)
    simple_oauth (0.3.1)
    sinatra (1.4.3)
      rack (~> 1.4)
      rack-protection (~> 1.4)
      tilt (~> 1.3, >= 1.3.4)
    thin (1.6.3)
      daemons (~> 1.0, >= 1.0.9)
      eventmachine (~> 1.0)
      rack (~> 1.0)
    thor (0.19.1)
    thread_safe (0.3.5)
    tilt (1.4.1)
    timers (4.0.1)
      hitimes
    twitter (5.14.0)
      addressable (~> 2.3)
      buftok (~> 0.2.0)
      equalizer (~> 0.0.9)
      faraday (~> 0.9.0)
      http (~> 0.6.0)
      http_parser.rb (~> 0.6.0)
      json (~> 1.8)
      memoizable (~> 0.4.0)
      naught (~> 1.0)
      simple_oauth (~> 0.3.0)

PLATFORMS
  ruby
  x64-mingw32

DEPENDENCIES
  dotenv (~> 2.0.1)
  foreman (~> 0.78.0)
  haml
  json
  rake (~> 10.4.2)
  rerun (~> 0.10.0)
  sinatra
  thin (~> 1.6.3)
  twitter (~> 5.14.0)
